GEM
  remote: https://rubygems.org/
  specs:
    bourbon (3.2.0)
      sass (~> 3.2)
      thor
    sass (3.3.6)
    thor (0.19.1)

PLATFORMS
  ruby

DEPENDENCIES
  bourbon (= 3.2.0)
